GEM
  remote: https://rubygems.org/
  specs:
    rake (13.0.1)

PLATFORMS
  ruby

DEPENDENCIES
  rake

RUBY VERSION
   ruby 3.0.1

BUNDLED WITH
   2.1.4
